GEM
  remote: http://rubygems.org/
  specs:
    amq-client (0.8.6)
      amq-protocol (>= 0.8.4)
      eventmachine
    amq-protocol (0.8.4)
    amqp (0.8.3)
      amq-client (~> 0.8.6)
      amq-protocol (~> 0.8.4)
      eventmachine
    eventmachine (0.12.10)
    json (1.6.4)
    wildcloud-configuration (0.0.1)
    wildcloud-logger (0.0.2)

PLATFORMS
  ruby

DEPENDENCIES
  amqp
  eventmachine
  json
  wildcloud-configuration
  wildcloud-logger
